GEM
  remote: http://rubygems.org/
  specs:
    mysql2 (0.4.5-x64-mingw32)
    puma (3.6.0)
    rack (1.6.5)
    rack-protection (1.5.3)
      rack
    sinatra (1.4.7)
      rack (~> 1.5)
      rack-protection (~> 1.4)
      tilt (>= 1.3, < 3)
    tilt (2.0.5)

PLATFORMS
  x64-mingw32

DEPENDENCIES
  mysql2
  puma
  sinatra

BUNDLED WITH
   1.13.6
